GIT
  remote: https://github.com/faker-ruby/faker.git
  revision: 7f91cb004e770f15a9ab36337b92a87e3db380f6
  branch: master
  specs:
    faker (2.14.0)
      i18n (>= 1.6, < 2)

GEM
  remote: https://rubygems.org/
  specs:
    actioncable (5.2.4.4)
      actionpack (= 5.2.4.4)
      nio4r (~> 2.0)
      websocket-driver (>= 0.6.1)
    actionmailer (5.2.4.4)
      actionpack (= 5.2.4.4)
      actionview (= 5.2.4.4)
      activejob (= 5.2.4.4)
      mail (~> 2.5, >= 2.5.4)
      rails-dom-testing (~> 2.0)
    actionpack (5.2.4.4)
      actionview (= 5.2.4.4)
      activesupport (= 5.2.4.4)
      rack (~> 2.0, >= 2.0.8)
      rack-test (>= 0.6.3)
      rails-dom-testing (~> 2.0)
      rails-html-sanitizer (~> 1.0, >= 1.0.2)
    actionview (5.2.4.4)
      activesupport (= 5.2.4.4)
      builder (~> 3.1)
      erubi (~> 1.4)
      rails-dom-testing (~> 2.0)
      rails-html-sanitizer (~> 1.0, >= 1.0.3)
    activeadmin (2.8.0)
      arbre (~> 1.2, >= 1.2.1)
      formtastic (>= 3.1, < 5.0)
      formtastic_i18n (~> 0.4)
      inherited_resources (~> 1.7)
      jquery-rails (~> 4.2)
      kaminari (~> 1.0, >= 1.2.1)
      railties (>= 5.2, < 6.1)
      ransack (~> 2.1, >= 2.1.1)
      sassc-rails (~> 2.1)
      sprockets (>= 3.0, < 4.1)
    activejob (5.2.4.4)
      activesupport (= 5.2.4.4)
      globalid (>= 0.3.6)
    activemodel (5.2.4.4)
      activesupport (= 5.2.4.4)
    activerecord (5.2.4.4)
      activemodel (= 5.2.4.4)
      activesupport (= 5.2.4.4)
      arel (>= 9.0)
    activestorage (5.2.4.4)
      actionpack (= 5.2.4.4)
      activerecord (= 5.2.4.4)
      marcel (~> 0.3.1)
    activesupport (5.2.4.4)
      concurrent-ruby (~> 1.0, >= 1.0.2)
      i18n (>= 0.7, < 2)
      minitest (~> 5.1)
      tzinfo (~> 1.1)
    addressable (2.8.1)
      public_suffix (>= 2.0.2, < 6.0)
    algoliasearch (1.27.4)
      httpclient (~> 2.8, >= 2.8.3)
      json (>= 1.5.1)
    algoliasearch-rails (1.24.1)
      algoliasearch (>= 1.26.0, < 2.0.0)
      json (>= 1.5.1)
    arbre (1.3.0)
      activesupport (>= 3.0.0, < 6.1)
      ruby2_keywords (>= 0.0.2, < 1.0)
    arel (9.0.0)
    autoprefixer-rails (10.0.0.2)
      execjs
    bcrypt (3.1.16)
    bindex (0.8.1)
    bootsnap (1.4.8)
      msgpack (~> 1.0)
    builder (3.2.4)
    byebug (11.1.3)
    coderay (1.1.3)
    concurrent-ruby (1.1.7)
    connection_pool (2.2.3)
    countries (3.0.1)
      i18n_data (~> 0.10.0)
      sixarm_ruby_unaccent (~> 1.1)
      unicode_utils (~> 1.4)
    country_select (4.0.0)
      countries (~> 3.0)
      sort_alphabetical (~> 1.0)
    crass (1.0.6)
    devise (4.7.3)
      bcrypt (~> 3.0)
      orm_adapter (~> 0.1)
      railties (>= 4.1.0)
      responders
      warden (~> 1.2.3)
    dotenv (2.7.6)
    dotenv-rails (2.7.6)
      dotenv (= 2.7.6)
      railties (>= 3.2)
    erubi (1.9.0)
    execjs (2.7.0)
    ffi (1.13.1)
    font-awesome-sass (5.6.1)
      sassc (>= 1.11)
    formtastic (3.1.5)
      actionpack (>= 3.2.13)
    formtastic_i18n (0.6.0)
    globalid (0.4.2)
      activesupport (>= 4.2.0)
    has_scope (0.7.2)
      actionpack (>= 4.1)
      activesupport (>= 4.1)
    httparty (0.18.1)
      mime-types (~> 3.0)
      multi_xml (>= 0.5.2)
    httpclient (2.8.3)
    i18n (1.8.5)
      concurrent-ruby (~> 1.0)
    i18n_data (0.10.0)
    inherited_resources (1.11.0)
      actionpack (>= 5.0, < 6.1)
      has_scope (~> 0.6)
      railties (>= 5.0, < 6.1)
      responders (>= 2, < 4)
    jbuilder (2.10.1)
      activesupport (>= 5.0.0)
    jquery-rails (4.4.0)
      rails-dom-testing (>= 1, < 3)
      railties (>= 4.2.0)
      thor (>= 0.14, < 2.0)
    json (2.3.1)
    jwt (2.2.2)
    kaminari (1.2.1)
      activesupport (>= 4.1.0)
      kaminari-actionview (= 1.2.1)
      kaminari-activerecord (= 1.2.1)
      kaminari-core (= 1.2.1)
    kaminari-actionview (1.2.1)
      actionview
      kaminari-core (= 1.2.1)
    kaminari-activerecord (1.2.1)
      activerecord
      kaminari-core (= 1.2.1)
    kaminari-core (1.2.1)
    launchy (2.5.0)
      addressable (~> 2.7)
    letter_opener (1.7.0)
      launchy (~> 2.2)
    listen (3.0.8)
      rb-fsevent (~> 0.9, >= 0.9.4)
      rb-inotify (~> 0.9, >= 0.9.7)
    loofah (2.7.0)
      crass (~> 1.0.2)
      nokogiri (>= 1.5.9)
    mail (2.7.1)
      mini_mime (>= 0.1.1)
    marcel (0.3.3)
      mimemagic (~> 0.3.2)
    method_source (1.0.0)
    mime-types (3.3.1)
      mime-types-data (~> 3.2015)
    mime-types-data (3.2020.0512)
    mimemagic (0.3.5)
    mini_mime (1.0.2)
    mini_portile2 (2.4.0)
    minitest (5.14.2)
    msgpack (1.3.3)
    multi_xml (0.6.0)
    nio4r (2.5.4)
    nokogiri (1.10.10)
      mini_portile2 (~> 2.4.0)
    opentok (4.0.1)
      activesupport (>= 2.0)
      addressable (~> 2.3)
      httparty (>= 0.18.0)
      jwt (>= 1.5.6)
    orm_adapter (0.5.0)
    pg (0.21.0)
    polyamorous (2.3.2)
      activerecord (>= 5.2.1)
    pry (0.13.1)
      coderay (~> 1.1)
      method_source (~> 1.0)
    pry-byebug (3.9.0)
      byebug (~> 11.0)
      pry (~> 0.13.0)
    pry-rails (0.3.9)
      pry (>= 0.10.4)
    public_suffix (5.0.0)
    puma (5.0.0)
      nio4r (~> 2.0)
    rack (2.2.3)
    rack-proxy (0.6.5)
      rack
    rack-test (1.1.0)
      rack (>= 1.0, < 3)
    rails (5.2.4.4)
      actioncable (= 5.2.4.4)
      actionmailer (= 5.2.4.4)
      actionpack (= 5.2.4.4)
      actionview (= 5.2.4.4)
      activejob (= 5.2.4.4)
      activemodel (= 5.2.4.4)
      activerecord (= 5.2.4.4)
      activestorage (= 5.2.4.4)
      activesupport (= 5.2.4.4)
      bundler (>= 1.3.0)
      railties (= 5.2.4.4)
      sprockets-rails (>= 2.0.0)
    rails-dom-testing (2.0.3)
      activesupport (>= 4.2.0)
      nokogiri (>= 1.6)
    rails-html-sanitizer (1.3.0)
      loofah (~> 2.3)
    railties (5.2.4.4)
      actionpack (= 5.2.4.4)
      activesupport (= 5.2.4.4)
      method_source
      rake (>= 0.8.7)
      thor (>= 0.19.0, < 2.0)
    rake (13.0.1)
    ransack (2.3.2)
      activerecord (>= 5.2.1)
      activesupport (>= 5.2.1)
      i18n
      polyamorous (= 2.3.2)
    rb-fsevent (0.10.4)
    rb-inotify (0.10.1)
      ffi (~> 1.0)
    redis (4.2.2)
    responders (3.0.1)
      actionpack (>= 5.0)
      railties (>= 5.0)
    ruby2_keywords (0.0.2)
    sassc (2.4.0)
      ffi (~> 1.9)
    sassc-rails (2.1.2)
      railties (>= 4.0.0)
      sassc (>= 2.0)
      sprockets (> 3.0)
      sprockets-rails
      tilt
    semantic_range (2.3.0)
    sidekiq (6.1.2)
      connection_pool (>= 2.2.2)
      rack (~> 2.0)
      redis (>= 4.2.0)
    sidekiq-failures (1.0.0)
      sidekiq (>= 4.0.0)
    simple_form (5.0.2)
      actionpack (>= 5.0)
      activemodel (>= 5.0)
    sixarm_ruby_unaccent (1.2.0)
    sort_alphabetical (1.1.0)
      unicode_utils (>= 1.2.2)
    spring (2.1.1)
    spring-watcher-listen (2.0.1)
      listen (>= 2.7, < 4.0)
      spring (>= 1.2, < 3.0)
    sprockets (4.0.2)
      concurrent-ruby (~> 1.0)
      rack (> 1, < 3)
    sprockets-rails (3.2.2)
      actionpack (>= 4.0)
      activesupport (>= 4.0)
      sprockets (>= 3.0.0)
    stripe (5.25.0)
    stripe_event (2.3.1)
      activesupport (>= 3.1)
      stripe (>= 2.8, < 6)
    thor (1.0.1)
    thread_safe (0.3.6)
    tilt (2.0.10)
    tzinfo (1.2.7)
      thread_safe (~> 0.1)
    uglifier (4.2.0)
      execjs (>= 0.3.0, < 3)
    unicode_utils (1.4.0)
    warden (1.2.9)
      rack (>= 2.0.9)
    web-console (3.7.0)
      actionview (>= 5.0)
      activemodel (>= 5.0)
      bindex (>= 0.4.0)
      railties (>= 5.0)
    webpacker (5.2.1)
      activesupport (>= 5.2)
      rack-proxy (>= 0.6.1)
      railties (>= 5.2)
      semantic_range (>= 2.3.0)
    websocket-driver (0.7.3)
      websocket-extensions (>= 0.1.0)
    websocket-extensions (0.1.5)

PLATFORMS
  ruby

DEPENDENCIES
  activeadmin
  algoliasearch-rails
  autoprefixer-rails
  bootsnap
  country_select (~> 4.0)
  devise
  dotenv-rails
  faker!
  font-awesome-sass (~> 5.6.1)
  jbuilder (~> 2.0)
  letter_opener
  listen (~> 3.0.5)
  opentok (~> 4.0.0)
  pg (~> 0.21)
  pry-byebug
  pry-rails
  puma
  rails (= 5.2.4.4)
  redis
  sassc-rails
  sidekiq
  sidekiq-failures (~> 1.0)
  simple_form
  spring
  spring-watcher-listen (~> 2.0.0)
  stripe
  stripe_event
  uglifier
  web-console (>= 3.3.0)
  webpacker

RUBY VERSION
   ruby 2.6.3p62

BUNDLED WITH
   2.1.4
